PATH
  remote: .
  specs:
    schnitzelpress (0.2.0)
      activesupport (~> 3.2.0)
      bson_ext (~> 1.5.0)
      chronic (~> 0.6.7)
      coderay (~> 1.0.5)
      haml (~> 3.1.4)
      i18n (~> 0.6.0)
      mongo (~> 1.5.2)
      mongoid (~> 2.4.0)
      omniauth (~> 1.0.2)
      omniauth-browserid (~> 0.0.1)
      packr (~> 3.1.1)
      pry (~> 0.9.8)
      rack (~> 1.4.1)
      rack-cache (~> 1.1.0)
      rack-contrib (~> 1.1.0)
      rake (~> 0.9.2.2)
      redcarpet (~> 2.1.0)
      ruby-oembed (~> 0.8.5)
      sass (~> 3.1.15)
      schnitzelstyle (~> 0.1.1)
      sinatra (~> 1.3.2)
      sinatra-contrib (~> 1.3.1)
      thor (~> 0.14.6)
      tilt (~> 1.3.0)

GEM
  remote: https://rubygems.org/
  specs:
    activemodel (3.2.3)
      activesupport (= 3.2.3)
      builder (~> 3.0.0)
    activesupport (3.2.3)
      i18n (~> 0.6)
      multi_json (~> 1.0)
    awesome_print (1.0.2)
    backports (2.5.1)
    bson (1.5.2)
    bson_ext (1.5.2)
      bson (= 1.5.2)
    builder (3.0.0)
    chronic (0.6.7)
    coderay (1.0.6)
    database_cleaner (0.7.2)
    diff-lcs (1.1.3)
    eventmachine (0.12.10)
    factory_girl (2.6.4)
      activesupport (>= 2.3.9)
    faraday (0.8.0)
      multipart-post (~> 1.1)
    ffaker (1.14.0)
    haml (3.1.4)
    hashie (1.2.0)
    i18n (0.6.0)
    method_source (0.7.1)
    mongo (1.5.2)
      bson (= 1.5.2)
    mongoid (2.4.9)
      activemodel (~> 3.1)
      mongo (~> 1.3)
      tzinfo (~> 0.3.22)
    multi_json (1.3.4)
    multipart-post (1.1.5)
    nokogiri (1.5.2)
    omniauth (1.0.3)
      hashie (~> 1.2)
      rack
    omniauth-browserid (0.0.1)
      faraday
      multi_json
      omniauth (~> 1.0)
    oyster (0.9.5)
    packr (3.1.1)
      oyster (>= 0.9.5)
    pry (0.9.9.4)
      coderay (~> 1.0.5)
      method_source (~> 0.7.1)
      slop (>= 2.4.4, < 3)
    rack (1.4.1)
    rack-cache (1.1)
      rack (>= 0.4)
    rack-contrib (1.1.0)
      rack (>= 0.9.1)
    rack-protection (1.2.0)
      rack
    rack-test (0.6.1)
      rack (>= 1.0)
    rake (0.9.2.2)
    redcarpet (2.1.1)
    rspec (2.9.0)
      rspec-core (~> 2.9.0)
      rspec-expectations (~> 2.9.0)
      rspec-mocks (~> 2.9.0)
    rspec-core (2.9.0)
    rspec-expectations (2.9.1)
      diff-lcs (~> 1.1.3)
    rspec-html-matchers (0.3.4)
      nokogiri (>= 1.4.4)
      rspec (>= 2.0.0)
    rspec-mocks (2.9.0)
    ruby-oembed (0.8.7)
    sass (3.1.16)
    schnitzelstyle (0.1.2)
      sass
    shotgun (0.9)
      rack (>= 1.0)
    sinatra (1.3.2)
      rack (~> 1.3, >= 1.3.6)
      rack-protection (~> 1.2)
      tilt (~> 1.3, >= 1.3.3)
    sinatra-contrib (1.3.1)
      backports (>= 2.0)
      eventmachine
      rack-protection
      rack-test
      sinatra (~> 1.3.0)
      tilt (~> 1.3)
    slop (2.4.4)
    thor (0.14.6)
    tilt (1.3.3)
    timecop (0.3.5)
    tzinfo (0.3.33)
    watchr (0.7)

PLATFORMS
  ruby

DEPENDENCIES
  awesome_print
  database_cleaner
  factory_girl (~> 2.6.0)
  ffaker
  rack-test
  rspec (>= 2.8.0)
  rspec-html-matchers
  schnitzelpress!
  shotgun
  timecop
  watchr
